GIT
  remote: git://github.com/NCU-BRATS/bootstrap3-datetimepicker-rails.git
  revision: 9ee7e522f8a2d2a5b15cd72889177f22364af9d0
  branch: bs-scope
  specs:
    bootstrap3-datetimepicker-rails (3.1.3)
      momentjs-rails (>= 2.8.1)

GIT
  remote: git://github.com/NCU-BRATS/clndr-rails.git
  revision: 1b79664381473d851f81d5e9d193af3c1a16055b
  branch: fix-toplevel-constant-referenced
  specs:
    clndr-rails (1.2.7.1)
      jquery-rails
      momentjs-rails
      rails (~> 4.2.0)
      railties (~> 4.2.0)
      underscore-rails

GIT
  remote: git://github.com/NCU-BRATS/data-confirm-modal.git
  revision: 79290ad58eb683d83d8d3ccf55ac093773cb3c87
  branch: semantic-ui
  specs:
    data-confirm-modal (1.0.1)
      railties (>= 3.0)

GIT
  remote: git://github.com/NCU-BRATS/linguist.git
  revision: 8ad2650454006e3e524ba7050603b45b0106d635
  branch: drop-rugged
  specs:
    github-linguist (4.3.1)
      charlock_holmes (~> 0.7.3)
      escape_utils (~> 1.0.1)
      mime-types (>= 1.19)

GIT
  remote: git://github.com/doabit/semantic-ui-sass.git
  revision: 7bc470190e22adf874fd7458387697628ca6b87f
  specs:
    semantic-ui-sass (1.11.5.0)
      sass (~> 3.2)

GIT
  remote: git://github.com/toptal/chewy.git
  revision: 6b02cef1493ea25bc545b80462c30b38f5ed5715
  branch: master
  specs:
    chewy (0.7.0)
      activesupport (>= 3.2)
      elasticsearch (>= 1.0.0)

GEM
  remote: https://rubygems.org/
  specs:
    RedCloth (4.2.9)
    aasm (4.1.0)
    actionmailer (4.2.1)
      actionpack (= 4.2.1)
      actionview (= 4.2.1)
      activejob (= 4.2.1)
      mail (~> 2.5, >= 2.5.4)
      rails-dom-testing (~> 1.0, >= 1.0.5)
    actionpack (4.2.1)
      actionview (= 4.2.1)
      activesupport (= 4.2.1)
      rack (~> 1.6)
      rack-test (~> 0.6.2)
      rails-dom-testing (~> 1.0, >= 1.0.5)
      rails-html-sanitizer (~> 1.0, >= 1.0.1)
    actionview (4.2.1)
      activesupport (= 4.2.1)
      builder (~> 3.1)
      erubis (~> 2.7.0)
      rails-dom-testing (~> 1.0, >= 1.0.5)
      rails-html-sanitizer (~> 1.0, >= 1.0.1)
    active_attr (0.8.5)
      activemodel (>= 3.0.2, < 5.0)
      activesupport (>= 3.0.2, < 5.0)
    active_link_to (1.0.2)
      actionpack
    activejob (4.2.1)
      activesupport (= 4.2.1)
      globalid (>= 0.3.0)
    activemodel (4.2.1)
      activesupport (= 4.2.1)
      builder (~> 3.1)
    activerecord (4.2.1)
      activemodel (= 4.2.1)
      activesupport (= 4.2.1)
      arel (~> 6.0)
    activerecord-reputation-system (3.0.1)
    activesupport (4.2.1)
      i18n (~> 0.7)
      json (~> 1.7, >= 1.7.7)
      minitest (~> 5.1)
      thread_safe (~> 0.3, >= 0.3.4)
      tzinfo (~> 1.1)
    acts-as-taggable-on (3.5.0)
      activerecord (>= 3.2, < 5)
    acts_as_votable (0.10.0)
    addressable (2.3.8)
    after_commit_action (1.0.0)
      activerecord (>= 3.0.0)
      activesupport (>= 3.0.0)
    airbrake (4.1.0)
      builder
      multi_json
    arel (6.0.0)
    autoprefixer-rails (5.1.10)
      execjs
      json
    axiom-types (0.1.1)
      descendants_tracker (~> 0.0.4)
      ice_nine (~> 0.11.0)
      thread_safe (~> 0.3, >= 0.3.1)
    babosa (1.0.2)
    bcrypt (3.1.10)
    better_errors (2.1.1)
      coderay (>= 1.0.0)
      erubis (>= 2.6.6)
      rack (>= 0.9.0)
    binding_of_caller (0.7.2)
      debug_inspector (>= 0.0.1)
    bootstrap-sass (3.3.4.1)
      autoprefixer-rails (>= 5.0.0.1)
      sass (>= 3.2.19)
    builder (3.2.2)
    callsite (0.0.11)
    carrierwave (0.10.0)
      activemodel (>= 3.2.0)
      activesupport (>= 3.2.0)
      json (>= 1.7)
      mime-types (>= 1.16)
    carrierwave-dropbox (1.2.1)
      carrierwave (~> 0.9)
      dropbox-sdk (~> 1.6)
    cells (4.0.0.beta2)
      actionpack (>= 3.2)
      disposable (~> 0.0.8)
      tilt (>= 1.4, < 3)
      uber (~> 0.0.9)
    cells-slim (0.0.1)
      cells (~> 4.0.0.alpha1)
      slim (~> 3.0)
      tilt (>= 1.4.1)
    charlock_holmes (0.7.3)
    chartkick (1.3.2)
    coderay (1.1.0)
    coercible (1.0.0)
      descendants_tracker (~> 0.0.1)
    coffee-rails (4.1.0)
      coffee-script (>= 2.2.0)
      railties (>= 4.0.0, < 5.0)
    coffee-script (2.4.1)
      coffee-script-source
      execjs
    coffee-script-source (1.9.1.1)
    cookiejar (0.3.2)
    counter_culture (0.1.33)
      activerecord (>= 3.0.0)
      activesupport (>= 3.0.0)
      after_commit_action (~> 1.0.0)
    crass (1.0.2)
    daemons (1.2.2)
    debug_inspector (0.0.2)
    default_value_for (3.0.1)
      activerecord (>= 3.2.0, < 5.0)
    descendants_tracker (0.0.4)
      thread_safe (~> 0.3, >= 0.3.1)
    devise (3.4.1)
      bcrypt (~> 3.0)
      orm_adapter (~> 0.1)
      railties (>= 3.2.6, < 5)
      responders
      thread_safe (~> 0.1)
      warden (~> 1.2.3)
    diff-lcs (1.2.5)
    disposable (0.0.9)
      representable (~> 2.0)
      uber
    dotenv (2.0.1)
    dotenv-rails (2.0.1)
      dotenv (= 2.0.1)
    dropbox-sdk (1.6.4)
      json
    elasticsearch (1.0.8)
      elasticsearch-api (= 1.0.7)
      elasticsearch-transport (= 1.0.7)
    elasticsearch-api (1.0.7)
      multi_json
    elasticsearch-transport (1.0.7)
      faraday
      multi_json
    em-http-request (1.1.2)
      addressable (>= 2.3.4)
      cookiejar
      em-socksify (>= 0.3)
      eventmachine (>= 1.0.3)
      http_parser.rb (>= 0.6.0)
    em-socksify (0.3.0)
      eventmachine (>= 1.0.0.beta.4)
    email_reply_parser (0.5.8)
    enumerize (0.11.0)
      activesupport (>= 3.2)
    equalizer (0.0.11)
    erubis (2.7.0)
    escape_utils (1.0.1)
    eventmachine (1.0.7)
    execjs (2.5.2)
    factory_girl (4.5.0)
      activesupport (>= 3.0.0)
    factory_girl_rails (4.5.0)
      factory_girl (~> 4.5.0)
      railties (>= 3.0.0)
    faker (1.4.3)
      i18n (~> 0.5)
    faraday (0.9.1)
      multipart-post (>= 1.2, < 3)
    faye (1.1.1)
      cookiejar (>= 0.3.0)
      em-http-request (>= 0.3.0)
      eventmachine (>= 0.12.0)
      faye-websocket (>= 0.9.1)
      multi_json (>= 1.0.0)
      rack (>= 1.0.0)
      websocket-driver (>= 0.5.1)
    faye-websocket (0.9.2)
      eventmachine (>= 0.12.0)
      websocket-driver (>= 0.5.1)
    friendly_id (5.1.0)
      activerecord (>= 4.0.0)
    gemoji (2.1.0)
    github-markdown (0.6.8)
    globalid (0.3.5)
      activesupport (>= 4.1.0)
    gravtastic (3.2.6)
    groupdate (2.4.0)
      activesupport (>= 3)
    handlebars_assets (0.19.1)
      execjs (>= 1.2.9)
      multi_json
      sprockets (>= 2.0.3)
      tilt
    html-pipeline (1.11.0)
      activesupport (>= 2)
      nokogiri (~> 1.4)
    http_parser.rb (0.6.0)
    i18n (0.7.0)
    ice_nine (0.11.1)
    jbuilder (2.2.13)
      activesupport (>= 3.0.0, < 5)
      multi_json (~> 1.2)
    jquery-atwho-rails (1.0.1)
    jquery-fileupload-rails (0.4.5)
      actionpack (>= 3.1)
      railties (>= 3.1)
      sass (>= 3.2)
    jquery-rails (4.0.3)
      rails-dom-testing (~> 1.0)
      railties (>= 4.2.0)
      thor (>= 0.14, < 2.0)
    json (1.8.2)
    kaminari (0.16.3)
      actionpack (>= 3.0.0)
      activesupport (>= 3.0.0)
    loofah (2.0.1)
      nokogiri (>= 1.5.9)
    mail (2.6.3)
      mime-types (>= 1.16, < 3)
    meta-tags (2.0.0)
      actionpack (>= 3.0.0)
    meta_request (0.3.4)
      callsite (~> 0.0, >= 0.0.11)
      rack-contrib (~> 1.1)
      railties (>= 3.0.0, < 5.0.0)
    mime-types (2.4.3)
    mimetype-fu (0.1.2)
    mini_magick (4.2.3)
    mini_portile (0.6.2)
    minitest (5.6.0)
    momentjs-rails (2.9.0)
      railties (>= 3.1)
    multi_json (1.11.0)
    multipart-post (2.0.0)
    nested_form (0.3.2)
    nokogiri (1.6.6.2)
      mini_portile (~> 0.6.0)
    nokogumbo (1.2.0)
      nokogiri
    orm_adapter (0.5.0)
    pg (0.18.1)
    polyamorous (1.2.0)
      activerecord (>= 3.0)
    puma (2.11.2)
      rack (>= 1.1, < 2.0)
    pundit (0.3.0)
      activesupport (>= 3.0.0)
    rack (1.6.0)
    rack-contrib (1.2.0)
      rack (>= 0.9.1)
    rack-test (0.6.3)
      rack (>= 1.0)
    rails (4.2.1)
      actionmailer (= 4.2.1)
      actionpack (= 4.2.1)
      actionview (= 4.2.1)
      activejob (= 4.2.1)
      activemodel (= 4.2.1)
      activerecord (= 4.2.1)
      activesupport (= 4.2.1)
      bundler (>= 1.3.0, < 2.0)
      railties (= 4.2.1)
      sprockets-rails
    rails-deprecated_sanitizer (1.0.3)
      activesupport (>= 4.2.0.alpha)
    rails-dom-testing (1.0.6)
      activesupport (>= 4.2.0.beta, < 5.0)
      nokogiri (~> 1.6.0)
      rails-deprecated_sanitizer (>= 1.0.1)
    rails-html-sanitizer (1.0.2)
      loofah (~> 2.0)
    rails_12factor (0.0.3)
      rails_serve_static_assets
      rails_stdout_logging
    rails_serve_static_assets (0.0.4)
    rails_stdout_logging (0.0.3)
    railties (4.2.1)
      actionpack (= 4.2.1)
      activesupport (= 4.2.1)
      rake (>= 0.8.7)
      thor (>= 0.18.1, < 2.0)
    rake (10.4.2)
    ransack (1.6.6)
      actionpack (>= 3.0)
      activerecord (>= 3.0)
      activesupport (>= 3.0)
      i18n
      polyamorous (~> 1.2)
    rdoc (4.2.0)
    reform (1.2.6)
      activemodel
      disposable (~> 0.0.5)
      representable (~> 2.1.0)
      uber (~> 0.0.11)
    representable (2.1.8)
      multi_json
      nokogiri
      uber (~> 0.0.7)
    responders (2.1.0)
      railties (>= 4.2.0, < 5)
    rinku (1.7.3)
    rouge (1.8.0)
    rspec-core (3.2.3)
      rspec-support (~> 3.2.0)
    rspec-expectations (3.2.1)
      diff-lcs (>= 1.2.0, < 2.0)
      rspec-support (~> 3.2.0)
    rspec-mocks (3.2.1)
      diff-lcs (>= 1.2.0, < 2.0)
      rspec-support (~> 3.2.0)
    rspec-rails (3.2.1)
      actionpack (>= 3.0, < 4.3)
      activesupport (>= 3.0, < 4.3)
      railties (>= 3.0, < 4.3)
      rspec-core (~> 3.2.0)
      rspec-expectations (~> 3.2.0)
      rspec-mocks (~> 3.2.0)
      rspec-support (~> 3.2.0)
    rspec-support (3.2.2)
    sanitize (3.1.2)
      crass (~> 1.0.1)
      nokogiri (>= 1.4.4)
      nokogumbo (= 1.2.0)
    sass (3.4.13)
    sass-rails (5.0.3)
      railties (>= 4.0.0, < 5.0)
      sass (~> 3.1)
      sprockets (>= 2.8, < 4.0)
      sprockets-rails (>= 2.0, < 4.0)
      tilt (~> 1.1)
    sdoc (0.4.1)
      json (~> 1.7, >= 1.7.7)
      rdoc (~> 4.0)
    selectize-rails (0.12.0)
    sequenced (2.0.0)
      activerecord (>= 3.0)
      activesupport (>= 3.0)
    simple_form (3.1.0)
      actionpack (~> 4.0)
      activemodel (~> 4.0)
    slim (3.0.3)
      temple (~> 0.7.3)
      tilt (>= 1.3.3, < 2.1)
    slim-rails (3.0.1)
      actionmailer (>= 3.1, < 5.0)
      actionpack (>= 3.1, < 5.0)
      activesupport (>= 3.1, < 5.0)
      railties (>= 3.1, < 5.0)
      slim (~> 3.0)
    spring (1.3.4)
    sprockets (3.0.1)
      rack (~> 1.0)
    sprockets-rails (2.2.4)
      actionpack (>= 3.0)
      activesupport (>= 3.0)
      sprockets (>= 2.8, < 4.0)
    sync (0.3.5)
      em-http-request
    temple (0.7.5)
    thin (1.6.3)
      daemons (~> 1.0, >= 1.0.9)
      eventmachine (~> 1.0)
      rack (~> 1.0)
    thor (0.19.1)
    thread_safe (0.3.5)
    tilt (1.4.1)
    trailblazer (0.2.2)
      actionpack (>= 3.0.0)
      reform (~> 1.2.0)
      representable (>= 2.1.1, < 2.2.0)
      uber (>= 0.0.10)
    turbolinks (2.5.3)
      coffee-rails
    tzinfo (1.2.2)
      thread_safe (~> 0.1)
    uber (0.0.13)
    uglifier (2.7.1)
      execjs (>= 0.3.0)
      json (>= 1.8.0)
    underscore-rails (1.8.2)
    virtus (1.0.5)
      axiom-types (~> 0.1)
      coercible (~> 1.0)
      descendants_tracker (~> 0.0, >= 0.0.3)
      equalizer (~> 0.0, >= 0.0.9)
    warden (1.2.3)
      rack (>= 1.0)
    web-console (2.1.2)
      activemodel (>= 4.0)
      binding_of_caller (>= 0.7.2)
      railties (>= 4.0)
      sprockets-rails (>= 2.0, < 4.0)
    websocket-driver (0.5.4)
      websocket-extensions (>= 0.1.0)
    websocket-extensions (0.1.2)
    wisper (1.6.0)

PLATFORMS
  ruby

DEPENDENCIES
  RedCloth
  aasm
  active_attr
  active_link_to
  activerecord-reputation-system
  acts-as-taggable-on (~> 3.4)
  acts_as_votable (~> 0.10.0)
  airbrake
  babosa
  better_errors
  binding_of_caller
  bootstrap-sass (~> 3.3.1)
  bootstrap3-datetimepicker-rails!
  carrierwave
  carrierwave-dropbox
  cells (~> 4.0.0.beta2)
  cells-slim
  chartkick
  chewy!
  clndr-rails!
  coffee-rails (~> 4.1.0)
  counter_culture (~> 0.1.23)
  data-confirm-modal!
  default_value_for (~> 3.0.0)
  devise
  dotenv-rails
  email_reply_parser
  enumerize
  escape_utils
  factory_girl_rails (~> 4.0)
  faker (~> 1.4.3)
  faye
  friendly_id
  gemoji
  github-linguist!
  github-markdown
  gravtastic
  groupdate
  handlebars_assets
  html-pipeline
  jbuilder (~> 2.0)
  jquery-atwho-rails
  jquery-fileupload-rails
  jquery-rails
  kaminari
  meta-tags
  meta_request
  mimetype-fu
  mini_magick
  momentjs-rails
  nested_form (~> 0.3.2)
  pg (~> 0.18.0)
  puma
  pundit
  rails (= 4.2.1)
  rails_12factor
  ransack
  responders (~> 2.0)
  rinku
  rouge
  rspec-rails (~> 3.2.0)
  sanitize
  sass-rails (~> 5.0.3)
  sdoc (~> 0.4.0)
  selectize-rails (~> 0.12.0)
  semantic-ui-sass!
  sequenced
  simple_form (~> 3.1.0rc2)
  slim-rails (~> 3.0.1)
  spring
  sync
  thin
  trailblazer
  turbolinks
  tzinfo-data
  uglifier (>= 1.3.0)
  virtus
  web-console
  wisper
